PATH
  remote: .
  specs:
    spree_przelewy24_integration (1.0.0)
      spree
      spree_auth_devise (~> 4.0)
      spree_gateway

GEM
  remote: https://rubygems.org/
  specs:
    actioncable (6.0.0)
      actionpack (= 6.0.0)
      nio4r (~> 2.0)
      websocket-driver (>= 0.6.1)
    actionmailbox (6.0.0)
      actionpack (= 6.0.0)
      activejob (= 6.0.0)
      activerecord (= 6.0.0)
      activestorage (= 6.0.0)
      activesupport (= 6.0.0)
      mail (>= 2.7.1)
    actionmailer (6.0.0)
      actionpack (= 6.0.0)
      actionview (= 6.0.0)
      activejob (= 6.0.0)
      mail (~> 2.5, >= 2.5.4)
      rails-dom-testing (~> 2.0)
    actionpack (6.0.0)
      actionview (= 6.0.0)
      activesupport (= 6.0.0)
      rack (~> 2.0)
      rack-test (>= 0.6.3)
      rails-dom-testing (~> 2.0)
      rails-html-sanitizer (~> 1.0, >= 1.2.0)
    actiontext (6.0.0)
      actionpack (= 6.0.0)
      activerecord (= 6.0.0)
      activestorage (= 6.0.0)
      activesupport (= 6.0.0)
      nokogiri (>= 1.8.5)
    actionview (6.0.0)
      activesupport (= 6.0.0)
      builder (~> 3.1)
      erubi (~> 1.4)
      rails-dom-testing (~> 2.0)
      rails-html-sanitizer (~> 1.1, >= 1.2.0)
    activejob (6.0.0)
      activesupport (= 6.0.0)
      globalid (>= 0.3.6)
    activemerchant (1.100.0)
      activesupport (>= 4.2)
      builder (>= 2.1.2, < 4.0.0)
      i18n (>= 0.6.9)
      nokogiri (~> 1.4)
    activemodel (6.0.0)
      activesupport (= 6.0.0)
    activerecord (6.0.0)
      activemodel (= 6.0.0)
      activesupport (= 6.0.0)
    activestorage (6.0.0)
      actionpack (= 6.0.0)
      activejob (= 6.0.0)
      activerecord (= 6.0.0)
      marcel (~> 0.3.1)
    activesupport (6.0.0)
      concurrent-ruby (~> 1.0, >= 1.0.2)
      i18n (>= 0.7, < 2)
      minitest (~> 5.1)
      tzinfo (~> 1.1)
      zeitwerk (~> 2.1, >= 2.1.8)
    acts_as_list (0.9.19)
      activerecord (>= 3.0)
    addressable (2.7.0)
      public_suffix (>= 2.0.2, < 5.0)
    autoprefixer-rails (9.7.0)
      execjs
    awesome_nested_set (3.2.0)
      activerecord (>= 4.0.0, < 7.0)
    bcrypt (3.1.13)
    bootstrap (4.3.1)
      autoprefixer-rails (>= 9.1.0)
      popper_js (>= 1.14.3, < 2)
      sassc-rails (>= 2.0.0)
    builder (3.2.3)
    camertron-eprun (1.1.1)
    cancancan (3.0.1)
    canonical-rails (0.2.6)
      rails (>= 4.1, < 6.1)
    carmen (1.1.3)
      activesupport (>= 3.0.0)
    cldr-plurals-runtime-rb (1.0.1)
    concurrent-ruby (1.1.5)
    crack (0.4.3)
      safe_yaml (~> 1.0.0)
    crass (1.0.6)
    css_parser (1.7.0)
      addressable
    database_cleaner (1.7.0)
    deface (1.5.3)
      nokogiri (>= 1.6)
      polyglot
      rails (>= 4.1)
      rainbow (>= 2.1.0)
    devise (4.7.1)
      bcrypt (~> 3.0)
      orm_adapter (~> 0.1)
      railties (>= 4.1.0)
      responders
      warden (~> 1.2.3)
    devise-encryptable (0.2.0)
      devise (>= 2.1.0)
    diff-lcs (1.3)
    docile (1.3.2)
    doorkeeper (5.2.1)
      railties (>= 5)
    erubi (1.9.0)
    execjs (2.7.0)
    factory_bot (5.1.1)
      activesupport (>= 4.2.0)
    factory_bot_rails (5.1.1)
      factory_bot (~> 5.1.0)
      railties (>= 4.2.0)
    fast_jsonapi (1.5)
      activesupport (>= 4.2)
    ffaker (2.13.0)
    ffi (1.11.1)
    friendly_id (5.3.0)
      activerecord (>= 4.0.0)
    globalid (0.4.2)
      activesupport (>= 4.2.0)
    glyphicons (1.0.2)
    hashdiff (1.0.0)
    highline (2.0.3)
    htmlentities (4.3.4)
    i18n (1.7.0)
      concurrent-ruby (~> 1.0)
    image_processing (1.9.3)
      mini_magick (>= 4.9.5, < 5)
      ruby-vips (>= 2.0.13, < 3)
    jquery-rails (4.3.5)
      rails-dom-testing (>= 1, < 3)
      railties (>= 4.2.0)
      thor (>= 0.14, < 2.0)
    jquery-ui-rails (6.0.1)
      railties (>= 3.2.16)
    json (2.2.0)
    kaminari (1.1.1)
      activesupport (>= 4.1.0)
      kaminari-actionview (= 1.1.1)
      kaminari-activerecord (= 1.1.1)
      kaminari-core (= 1.1.1)
    kaminari-actionview (1.1.1)
      actionview
      kaminari-core (= 1.1.1)
    kaminari-activerecord (1.1.1)
      activerecord
      kaminari-core (= 1.1.1)
    kaminari-core (1.1.1)
    loofah (2.19.1)
      crass (~> 1.0.2)
      nokogiri (>= 1.5.9)
    mail (2.7.1)
      mini_mime (>= 0.1.1)
    marcel (0.3.3)
      mimemagic (~> 0.3.2)
    method_source (0.9.2)
    mimemagic (0.3.3)
    mini_magick (4.9.5)
    mini_mime (1.0.2)
    mini_portile2 (2.8.0)
    minitest (5.12.2)
    monetize (1.9.2)
      money (~> 6.12)
    money (6.13.4)
      i18n (>= 0.6.4, <= 2)
    nio4r (2.5.2)
    nokogiri (1.13.10)
      mini_portile2 (~> 2.8.0)
      racc (~> 1.4)
    orm_adapter (0.5.0)
    paranoia (2.4.2)
      activerecord (>= 4.0, < 6.1)
    polyamorous (2.3.0)
      activerecord (>= 5.0)
    polyglot (0.3.5)
    popper_js (1.14.5)
    premailer (1.11.1)
      addressable
      css_parser (>= 1.6.0)
      htmlentities (>= 4.0.0)
    premailer-rails (1.10.3)
      actionmailer (>= 3)
      premailer (~> 1.7, >= 1.7.9)
    public_suffix (4.0.1)
    rabl (0.14.2)
      activesupport (>= 2.3.14)
    racc (1.6.1)
    rack (2.0.7)
    rack-test (1.1.0)
      rack (>= 1.0, < 3)
    rails (6.0.0)
      actioncable (= 6.0.0)
      actionmailbox (= 6.0.0)
      actionmailer (= 6.0.0)
      actionpack (= 6.0.0)
      actiontext (= 6.0.0)
      actionview (= 6.0.0)
      activejob (= 6.0.0)
      activemodel (= 6.0.0)
      activerecord (= 6.0.0)
      activestorage (= 6.0.0)
      activesupport (= 6.0.0)
      bundler (>= 1.3.0)
      railties (= 6.0.0)
      sprockets-rails (>= 2.0.0)
    rails-dom-testing (2.0.3)
      activesupport (>= 4.2.0)
      nokogiri (>= 1.6)
    rails-html-sanitizer (1.3.0)
      loofah (~> 2.3)
    railties (6.0.0)
      actionpack (= 6.0.0)
      activesupport (= 6.0.0)
      method_source
      rake (>= 0.8.7)
      thor (>= 0.20.3, < 2.0)
    rainbow (3.0.0)
    rake (13.0.0)
    ransack (2.3.0)
      actionpack (>= 5.0)
      activerecord (>= 5.0)
      activesupport (>= 5.0)
      i18n
      polyamorous (= 2.3.0)
    responders (3.0.0)
      actionpack (>= 5.0)
      railties (>= 5.0)
    rspec-activemodel-mocks (1.1.0)
      activemodel (>= 3.0)
      activesupport (>= 3.0)
      rspec-mocks (>= 2.99, < 4.0)
    rspec-core (3.9.0)
      rspec-support (~> 3.9.0)
    rspec-expectations (3.9.0)
      diff-lcs (>= 1.2.0, < 2.0)
      rspec-support (~> 3.9.0)
    rspec-mocks (3.9.0)
      diff-lcs (>= 1.2.0, < 2.0)
      rspec-support (~> 3.9.0)
    rspec-rails (3.9.0)
      actionpack (>= 3.0)
      activesupport (>= 3.0)
      railties (>= 3.0)
      rspec-core (~> 3.9.0)
      rspec-expectations (~> 3.9.0)
      rspec-mocks (~> 3.9.0)
      rspec-support (~> 3.9.0)
    rspec-support (3.9.0)
    ruby-vips (2.0.16)
      ffi (~> 1.9)
    safe_yaml (1.0.5)
    sassc (2.2.1)
      ffi (~> 1.9)
    sassc-rails (2.1.2)
      railties (>= 4.0.0)
      sassc (>= 2.0)
      sprockets (> 3.0)
      sprockets-rails
      tilt
    select2-rails (3.5.9.1)
      thor (~> 0.14)
    simplecov (0.17.1)
      docile (~> 1.1)
      json (>= 1.8, < 3)
      simplecov-html (~> 0.10.0)
    simplecov-html (0.10.2)
    spree (4.0.0)
      spree_api (= 4.0.0)
      spree_backend (= 4.0.0)
      spree_cmd (= 4.0.0)
      spree_core (= 4.0.0)
      spree_frontend (= 4.0.0)
      spree_sample (= 4.0.0)
    spree_api (4.0.0)
      doorkeeper (~> 5.2, >= 5.2.1)
      fast_jsonapi (~> 1.5)
      rabl (~> 0.14.2)
      spree_core (= 4.0.0)
    spree_auth_devise (4.0.0)
      deface (~> 1.0)
      devise (~> 4.7)
      devise-encryptable (= 0.2.0)
      spree_core (>= 3.1.0, < 5.0)
      spree_extension
    spree_backend (4.0.0)
      bootstrap (~> 4.3.1)
      glyphicons (~> 1.0.2)
      jquery-rails (~> 4.3)
      jquery-ui-rails (~> 6.0.1)
      select2-rails (= 3.5.9.1)
      spree_api (= 4.0.0)
      spree_core (= 4.0.0)
    spree_cmd (4.0.0)
      thor (~> 0.14)
    spree_core (4.0.0)
      activemerchant (~> 1.67)
      acts_as_list (~> 0.8)
      awesome_nested_set (>= 3.1.4, < 3.3.0)
      cancancan (~> 3.0)
      carmen (>= 1.0, < 1.2)
      ffaker (~> 2.9)
      friendly_id (>= 5.2.1, < 5.4.0)
      highline (~> 2.0.0)
      image_processing (~> 1.2)
      kaminari (>= 1.0.1, < 1.2.0)
      mini_magick (~> 4.9.4)
      monetize (~> 1.9)
      money (~> 6.13)
      paranoia (~> 2.4.2)
      premailer-rails
      rails (~> 6.0.0)
      ransack (~> 2.3.0)
      responders
      sprockets (~> 3.7)
      sprockets-rails
      state_machines-activemodel (~> 0.7)
      state_machines-activerecord (~> 0.6)
      stringex
      twitter_cldr (~> 4.3)
    spree_extension (0.0.9)
      activerecord (>= 4.2)
      spree_core
    spree_frontend (4.0.0)
      bootstrap (~> 4.3.1)
      canonical-rails (~> 0.2.5)
      glyphicons (~> 1.0.2)
      jquery-rails (~> 4.3)
      spree_api (= 4.0.0)
      spree_core (= 4.0.0)
    spree_gateway (3.6.6)
      spree_core (>= 3.1.0, < 5.0)
      spree_extension
    spree_sample (4.0.0)
      spree_core (= 4.0.0)
    sprockets (3.7.2)
      concurrent-ruby (~> 1.0)
      rack (> 1, < 3)
    sprockets-rails (3.2.1)
      actionpack (>= 4.0)
      activesupport (>= 4.0)
      sprockets (>= 3.0.0)
    sqlite3 (1.4.1)
    state_machines (0.5.0)
    state_machines-activemodel (0.7.1)
      activemodel (>= 4.1)
      state_machines (>= 0.5.0)
    state_machines-activerecord (0.6.0)
      activerecord (>= 4.1)
      state_machines-activemodel (>= 0.5.0)
    stringex (2.8.5)
    thor (0.20.3)
    thread_safe (0.3.6)
    tilt (2.0.10)
    twitter_cldr (4.4.5)
      camertron-eprun
      cldr-plurals-runtime-rb (~> 1.0)
      tzinfo
    tzinfo (1.2.5)
      thread_safe (~> 0.1)
    warden (1.2.8)
      rack (>= 2.0.6)
    webmock (3.7.6)
      addressable (>= 2.3.6)
      crack (>= 0.3.2)
      hashdiff (>= 0.4.0, < 2.0.0)
    websocket-driver (0.7.1)
      websocket-extensions (>= 0.1.0)
    websocket-extensions (0.1.4)
    zeitwerk (2.2.0)

PLATFORMS
  ruby

DEPENDENCIES
  bundler
  database_cleaner
  factory_bot_rails
  ffaker
  rake
  rspec-activemodel-mocks
  rspec-rails
  simplecov
  spree_przelewy24_integration!
  sqlite3
  webmock

BUNDLED WITH
   2.0.2
